GIT
  remote: git://github.com/pivotal/jasmine-gem.git
  revision: 73ea302cb663a6aef00b9a08222c75662f0f117c
  specs:
    jasmine (1.2.0)
      jasmine-core (>= 1.2.0)
      rack (~> 1.0)
      rspec (>= 1.3.1, < 2.11.0)
      selenium-webdriver (>= 0.1.3)

GIT
  remote: git://github.com/pivotal/jasmine.git
  revision: dad4865fbf5e20a05be45747e880930aeec9cacc
  specs:
    jasmine-core (1.2.0)

GEM
  specs:
    addressable (2.2.8)
    childprocess (0.3.2)
      ffi (~> 1.0.6)
    diff-lcs (1.1.3)
    ffi (1.0.11)
    libwebsocket (0.1.3)
      addressable
    multi_json (1.3.5)
    rack (1.4.1)
    rspec (2.10.0)
      rspec-core (~> 2.10.0)
      rspec-expectations (~> 2.10.0)
      rspec-mocks (~> 2.10.0)
    rspec-core (2.10.1)
    rspec-expectations (2.10.0)
      diff-lcs (~> 1.1.3)
    rspec-mocks (2.10.1)
    rubyzip (0.9.8)
    selenium-webdriver (2.21.2)
      childprocess (>= 0.2.5)
      ffi (~> 1.0)
      libwebsocket (~> 0.1.3)
      multi_json (~> 1.0)
      rubyzip

PLATFORMS
  ruby

DEPENDENCIES
  jasmine!
  jasmine-core!
